GIT
  remote: git://github.com/enemy/curlser.git
  revision: 5fbd76ad7e70688ffc600adca6f8ebd5b9b68457
  specs:
    curlser (0.1.8)

GIT
  remote: git://github.com/enemy/integreat.git
  revision: 6f42655cb8ed61069ee14d679b56833dd4084614
  specs:
    integreat (0.2.1)

GEM
  remote: http://rubygems.org/
  specs:
    backports (2.3.0)
    monkey-lib (0.5.4)
      backports
    rack (1.3.2)
    redis (2.2.1)
    sinatra (1.2.6)
      rack (~> 1.1)
      tilt (>= 1.2.2, < 2.0)
    sinatra-advanced-routes (0.5.1)
      monkey-lib (~> 0.5.0)
      sinatra (~> 1.0)
      sinatra-sugar (~> 0.5.0)
    sinatra-reloader (0.5.0)
      sinatra (~> 1.0)
      sinatra-advanced-routes (~> 0.5.0)
    sinatra-sugar (0.5.1)
      monkey-lib (~> 0.5.0)
      sinatra (~> 1.0)
    term-ansicolor (1.0.6)
    tilt (1.3.2)

PLATFORMS
  ruby

DEPENDENCIES
  curlser!
  integreat!
  redis
  sinatra
  sinatra-reloader
  term-ansicolor
